GEM
  remote: https://rubygems.org/
  specs:
    bindata (2.4.15)
    dotenv (2.8.1)
    minitest (5.22.3)
    mocha (2.2.0)
      ruby2_keywords (>= 0.0.5)
    ruby2_keywords (0.0.5)

PLATFORMS
  aarch64-linux-musl
  arm64-darwin-21
  arm64-darwin-22
  x86_64-linux

DEPENDENCIES
  bindata (~> 2.4)
  dotenv
  minitest
  mocha

BUNDLED WITH
   2.4.18
