GEM
  remote: https://rubygems.org/
  specs:
    bindata (2.4.15)
    minitest (5.22.3)

PLATFORMS
  aarch64-linux-musl
  arm64-darwin-21
  arm64-darwin-22
  x86_64-linux

DEPENDENCIES
  bindata (~> 2.4)
  minitest

BUNDLED WITH
   2.4.18
